GEM
  remote: http://rubygems.org/
  remote: http://gem.khiltd.com/
  specs:
    khi-rack-mongrel2 (1.0.1)
      zmq (~> 2.1.0.1)
    rack (1.2.2)
    sinatra (1.2.2)
      rack (~> 1.1)
      tilt (>= 1.2.2, < 2.0)
    tilt (1.2.2)
    zmq (2.1.0.1)

PLATFORMS
  ruby

DEPENDENCIES
  khi-rack-mongrel2 (>= 1.0.1)
  sinatra
